GEM
  remote: https://rubygems.org/
  specs:
    json (1.8.1)
    le (2.6.2)
    rack (1.6.0)
    rack-protection (1.5.3)
      rack
    sinatra (1.4.5)
      rack (~> 1.4)
      rack-protection (~> 1.4)
      tilt (~> 1.3, >= 1.3.4)
    sinatra-logentries (0.0.2)
      le (>= 2.1.6)
    tilt (1.4.1)

PLATFORMS
  ruby

DEPENDENCIES
  json
  sinatra
  sinatra-logentries
